GEM
  remote: https://rubygems.org/
  specs:
    eventmachine (1.0.3)
    hector (1.0.9)
      eventmachine (>= 0.12.10)
    net-ldap (0.10.0)

PLATFORMS
  ruby

DEPENDENCIES
  hector
  net-ldap
