GEM
  remote: https://rubygems.org/
  specs:
    eventmachine (1.0.3)
    hector (1.0.8)
      eventmachine (>= 0.12.10)
    ruby-ldap (0.9.12)

PLATFORMS
  ruby

DEPENDENCIES
  hector
  ruby-ldap
